GEM
  remote: https://rubygems.org/
  specs:
    addressable (2.8.7)
      public_suffix (>= 2.0.2, < 7.0)
    bigdecimal (3.1.8)
    colorize (1.1.0)
    crack (1.0.0)
      bigdecimal
      rexml
    diff-lcs (1.5.1)
    domain_name (0.6.20240107)
    dotenv (3.1.2)
    ethon (0.16.0)
      ffi (>= 1.15.0)
    faraday (2.9.2)
      faraday-net_http (>= 2.0, < 3.2)
    faraday-cookie_jar (0.0.7)
      faraday (>= 0.8.0)
      http-cookie (~> 1.0.0)
    faraday-net_http (3.1.0)
      net-http
    ffi (1.17.0-x64-mingw-ucrt)
    hashdiff (1.1.0)
    http-cookie (1.0.6)
      domain_name (~> 0.5)
    logger (1.6.0)
    net-http (0.4.1)
      uri
    public_suffix (6.0.0)
    rexml (3.3.0)
      strscan
    rotp (6.3.0)
    rspec (3.13.0)
      rspec-core (~> 3.13.0)
      rspec-expectations (~> 3.13.0)
      rspec-mocks (~> 3.13.0)
    rspec-core (3.13.0)
      rspec-support (~> 3.13.0)
    rspec-expectations (3.13.1)
      diff-lcs (>= 1.2.0, < 2.0)
      rspec-support (~> 3.13.0)
    rspec-mocks (3.13.1)
      diff-lcs (>= 1.2.0, < 2.0)
      rspec-support (~> 3.13.0)
    rspec-support (3.13.1)
    strscan (3.1.0)
    typhoeus (1.4.1)
      ethon (>= 0.9.0)
    uri (0.13.0)
    webmock (3.23.1)
      addressable (>= 2.8.0)
      crack (>= 0.3.2)
      hashdiff (>= 0.4.0, < 2.0.0)

PLATFORMS
  x64-mingw-ucrt

DEPENDENCIES
  colorize
  dotenv
  faraday
  faraday-cookie_jar
  logger
  rotp
  rspec
  typhoeus
  webmock

BUNDLED WITH
   2.4.19
