GEM
  remote: https://rubygems.org/
  specs:
    addressable (2.8.5)
      public_suffix (>= 2.0.2, < 6.0)
    base64 (0.2.0)
    colorize (1.1.0)
    crack (0.4.5)
      rexml
    diff-lcs (1.5.0)
    docile (1.4.0)
    domain_name (0.6.20231109)
    dotenv (2.8.1)
    faraday (2.7.12)
      base64
      faraday-net_http (>= 2.0, < 3.1)
      ruby2_keywords (>= 0.0.4)
    faraday-cookie_jar (0.0.7)
      faraday (>= 0.8.0)
      http-cookie (~> 1.0.0)
    faraday-net_http (3.0.2)
    hashdiff (1.0.1)
    http-cookie (1.0.5)
      domain_name (~> 0.5)
    logger (1.6.0)
    public_suffix (5.0.4)
    rexml (3.2.6)
    rotp (6.3.0)
    rspec (3.12.0)
      rspec-core (~> 3.12.0)
      rspec-expectations (~> 3.12.0)
      rspec-mocks (~> 3.12.0)
    rspec-core (3.12.2)
      rspec-support (~> 3.12.0)
    rspec-expectations (3.12.3)
      diff-lcs (>= 1.2.0, < 2.0)
      rspec-support (~> 3.12.0)
    rspec-mocks (3.12.6)
      diff-lcs (>= 1.2.0, < 2.0)
      rspec-support (~> 3.12.0)
    rspec-support (3.12.1)
    ruby2_keywords (0.0.5)
    simplecov (0.22.0)
      docile (~> 1.1)
      simplecov-html (~> 0.11)
      simplecov_json_formatter (~> 0.1)
    simplecov-cobertura (2.1.0)
      rexml
      simplecov (~> 0.19)
    simplecov-html (0.12.3)
    simplecov_json_formatter (0.1.4)
    webmock (3.19.1)
      addressable (>= 2.8.0)
      crack (>= 0.3.2)
      hashdiff (>= 0.4.0, < 2.0.0)

PLATFORMS
  x64-mingw-ucrt

DEPENDENCIES
  colorize
  dotenv
  faraday
  faraday-cookie_jar
  logger
  rotp
  rspec
  simplecov
  simplecov-cobertura (~> 2.1)
  webmock

BUNDLED WITH
   2.4.10
